GEM
  remote: https://rubygems.org/
  specs:
    tiny_tds (2.1.3.pre-x64-mingw32)

PLATFORMS
  x64-mingw32

DEPENDENCIES
  tiny_tds (~> 2.1, >= 2.1.1)

BUNDLED WITH
   2.1.4
