GEM
  remote: https://rubygems.org/
  specs:
    multi_json (1.14.1)
    rack (1.6.13)
    rack-protection (1.5.5)
      rack
    redis (4.2.1)
    sinatra (1.4.8)
      rack (~> 1.5)
      rack-protection (~> 1.4)
      tilt (>= 1.3, < 3)
    sinatra-json (0.1.0)
      multi_json (~> 1.0)
      sinatra (~> 1.0)
    tilt (2.0.10)

PLATFORMS
  x64-mingw32

DEPENDENCIES
  redis
  sinatra
  sinatra-json

BUNDLED WITH
   2.1.4
