GEM
  remote: https://rubygems.org/
  specs:
    mysql2 (0.5.3-x64-mingw32)

PLATFORMS
  x64-mingw32

DEPENDENCIES
  mysql2

BUNDLED WITH
   2.1.4
