GEM
  remote: https://rubygems.org/
  specs:
    pg (1.2.3-x64-mingw32)

PLATFORMS
  x64-mingw32

DEPENDENCIES
  pg

BUNDLED WITH
   2.1.4
